GEM
  remote: https://rubygems.org/
  specs:
    concurrent-ruby (1.2.0)
    karafka-core (2.0.0)
      concurrent-ruby (>= 1.1)

PLATFORMS
  arm64-darwin-22

DEPENDENCIES
  karafka-core (= 2.0.0)

RUBY VERSION
   ruby 3.2.0p0

BUNDLED WITH
   2.4.2
